GEM
  remote: https://rubygems.org/
  specs:
    byebug (11.1.3)
    daemons (1.4.1)
    diff-lcs (1.5.0)
    erubi (1.12.0)
    eventmachine (1.2.7)
    ffi (1.15.5)
    listen (3.8.0)
      rb-fsevent (~> 0.10, >= 0.10.3)
      rb-inotify (~> 0.9, >= 0.9.10)
    oj (3.16.1)
    rack (2.2.8)
    rackr (0.0.46)
      erubi (~> 1.12)
      oj (~> 3.15)
      rack (>= 2.0, < 4.0)
    rb-fsevent (0.11.2)
    rb-inotify (0.10.1)
      ffi (~> 1.0)
    rerun (0.14.0)
      listen (~> 3.0)
    rspec (3.12.0)
      rspec-core (~> 3.12.0)
      rspec-expectations (~> 3.12.0)
      rspec-mocks (~> 3.12.0)
    rspec-core (3.12.2)
      rspec-support (~> 3.12.0)
    rspec-expectations (3.12.3)
      diff-lcs (>= 1.2.0, < 2.0)
      rspec-support (~> 3.12.0)
    rspec-mocks (3.12.6)
      diff-lcs (>= 1.2.0, < 2.0)
      rspec-support (~> 3.12.0)
    rspec-support (3.12.1)
    sequel (5.71.0)
    sqlite3 (2.3.0-x86_64-linux-gnu)
    thin (1.8.2)
      daemons (~> 1.0, >= 1.0.9)
      eventmachine (~> 1.0, >= 1.0.4)
      rack (>= 1, < 3)

PLATFORMS
  x86_64-linux

DEPENDENCIES
  byebug
  rackr
  rerun
  rspec
  sequel
  sqlite3
  thin (~> 1.8, >= 1.8.2)

BUNDLED WITH
   2.4.17
